GEM
  remote: https://rubygems.org/
  specs:
    pg (1.1.3)
    rack (2.0.5)

PLATFORMS
  ruby

DEPENDENCIES
  pg
  rack

RUBY VERSION
   ruby 2.5.1p57

BUNDLED WITH
   1.16.2
